PATH
  remote: .
  specs:
    machine-gun (0.1.0)
      ffi (~> 1.9)

GEM
  remote: https://rubygems.org/
  specs:
    coderay (1.1.0)
    ffi (1.9.10)
    method_source (0.8.2)
    minitest (5.8.3)
    pry (0.10.3)
      coderay (~> 1.1.0)
      method_source (~> 0.8.1)
      slop (~> 3.4)
    rake (10.4.2)
    slop (3.6.0)
    spy (0.4.2)

PLATFORMS
  ruby

DEPENDENCIES
  bundler (~> 1.11)
  machine-gun!
  minitest (~> 5.8)
  pry (~> 0.10)
  rake (~> 10.4)
  spy (~> 0.4)

BUNDLED WITH
   1.11.2
